GIT
  remote: git://github.com/indirect/cardboard.git
  revision: 4496e03d90ed9d9f2c245baa5d9f4c53bace93cc
  specs:
    cardboard (1.0.4)
      boxen (~> 2.1)
      puppet-lint (~> 0.3)
      puppetlabs_spec_helper (~> 0.4)
      rspec-puppet (~> 0.1)

GIT
  remote: git://github.com/rodjek/rspec-puppet.git
  revision: 9956fe775341dc1f1214e2058c661eecbe21f40d
  specs:
    rspec-puppet (0.1.6)
      rspec

GEM
  remote: https://rubygems.org/
  specs:
    addressable (2.3.5)
    ansi (1.4.3)
    boxen (2.1.0)
      ansi (~> 1.4)
      hiera (~> 1.0)
      highline (~> 1.6)
      json_pure (>= 1.7.7, < 2.0)
      librarian-puppet (~> 0.9.9)
      octokit (~> 2.3.0)
      puppet (~> 3.0)
    diff-lcs (1.2.5)
    facter (1.7.3)
    faraday (0.8.8)
      multipart-post (~> 1.2.0)
    hiera (1.2.1)
      json_pure
    highline (1.6.20)
    json (1.8.1)
    json_pure (1.8.1)
    librarian-puppet (0.9.10)
      json
      thor (~> 0.15)
    metaclass (0.0.1)
    mocha (0.14.0)
      metaclass (~> 0.0.1)
    multipart-post (1.2.0)
    octokit (2.3.1)
      sawyer (~> 0.5.1)
    puppet (3.3.2)
      facter (~> 1.6)
      hiera (~> 1.0)
      rgen (~> 0.6.5)
    puppet-lint (0.3.2)
    puppetlabs_spec_helper (0.4.1)
      mocha (>= 0.10.5)
      rake
      rspec (>= 2.9.0)
      rspec-puppet (>= 0.1.1)
    rake (10.1.0)
    rgen (0.6.6)
    rspec (2.14.1)
      rspec-core (~> 2.14.0)
      rspec-expectations (~> 2.14.0)
      rspec-mocks (~> 2.14.0)
    rspec-core (2.14.7)
    rspec-expectations (2.14.4)
      diff-lcs (>= 1.1.3, < 2.0)
    rspec-mocks (2.14.4)
    sawyer (0.5.1)
      addressable (~> 2.3.5)
      faraday (~> 0.8, < 0.10)
    thor (0.18.1)

PLATFORMS
  ruby

DEPENDENCIES
  cardboard (~> 1.0)!
  rspec-puppet!
